PATH
  remote: .
  specs:
    yosis-video_grinder (0.1.0)
      streamio-ffmpeg

GEM
  remote: https://rubygems.org/
  specs:
    minitest (5.14.0)
    multi_json (1.14.1)
    rake (13.0.1)
    streamio-ffmpeg (3.0.2)
      multi_json (~> 1.8)

PLATFORMS
  ruby

DEPENDENCIES
  bundler (~> 2.0)
  minitest (~> 5.0)
  rake (~> 13.0)
  yosis-video_grinder!

BUNDLED WITH
   2.0.1
